PATH
  remote: .
  specs:
    dilithium (0.0.2)
      openwferu-kotoba (~> 0.9.9)
      sequel (~> 4.6.0)

GEM
  remote: https://rubygems.org/
  specs:
    bcrypt (3.1.7)
    bcrypt (3.1.7-java)
    diff-lcs (1.2.5)
    openwferu-kotoba (0.9.9)
    rake (10.1.1)
    rspec (2.14.1)
      rspec-core (~> 2.14.0)
      rspec-expectations (~> 2.14.0)
      rspec-mocks (~> 2.14.0)
    rspec-core (2.14.8)
    rspec-expectations (2.14.5)
      diff-lcs (>= 1.1.3, < 2.0)
    rspec-mocks (2.14.6)
    sequel (4.6.0)
    sqlite3 (1.3.9)

PLATFORMS
  java
  ruby

DEPENDENCIES
  bcrypt (~> 3.1.7)
  dilithium!
  rake (~> 10.1.0)
  rspec (~> 2.14.1)
  sqlite3 (~> 1.3.8)
