PATH
  remote: .
  specs:
    sequel-uow (0.0.1)
      sequel (~> 4.1.0)

GEM
  remote: https://rubygems.org/
  specs:
    bcrypt-ruby (3.1.2)
    bcrypt-ruby (3.1.2-java)
    diff-lcs (1.2.4)
    rake (10.1.0)
    rspec (2.14.1)
      rspec-core (~> 2.14.0)
      rspec-expectations (~> 2.14.0)
      rspec-mocks (~> 2.14.0)
    rspec-core (2.14.7)
    rspec-expectations (2.14.3)
      diff-lcs (>= 1.1.3, < 2.0)
    rspec-mocks (2.14.4)
    sequel (4.1.1)
    sqlite3 (1.3.8)

PLATFORMS
  java
  ruby

DEPENDENCIES
  bcrypt-ruby (~> 3.1.2)
  rake (~> 10.1.0)
  rspec (~> 2.14.1)
  sequel-uow!
  sqlite3 (~> 1.3.7)
